PATH
  remote: .
  specs:
    tor-addresses (0.1.1)
      faraday (~> 0.9)

GEM
  remote: https://rubygems.org/
  specs:
    diff-lcs (1.3)
    faraday (0.17.0)
      multipart-post (>= 1.2, < 3)
    multipart-post (2.1.1)
    rake (13.0.1)
    rspec (3.6.0)
      rspec-core (~> 3.6.0)
      rspec-expectations (~> 3.6.0)
      rspec-mocks (~> 3.6.0)
    rspec-core (3.6.0)
      rspec-support (~> 3.6.0)
    rspec-expectations (3.6.0)
      diff-lcs (>= 1.2.0, < 2.0)
      rspec-support (~> 3.6.0)
    rspec-mocks (3.6.0)
      diff-lcs (>= 1.2.0, < 2.0)
      rspec-support (~> 3.6.0)
    rspec-support (3.6.0)
    vcr (4.0.0)

PLATFORMS
  ruby

DEPENDENCIES
  bundler (~> 1.16)
  rake (>= 12.3.3)
  rspec (~> 3.0)
  tor-addresses!
  vcr (~> 4.0)

BUNDLED WITH
   1.17.3
